GEM
  remote: http://rubygems.org/
  specs:
    actionmailer (2.3.14)
      actionpack (= 2.3.14)
    actionpack (2.3.14)
      activesupport (= 2.3.14)
      rack (~> 1.1.0)
    activerecord (2.3.14)
      activesupport (= 2.3.14)
    activeresource (2.3.14)
      activesupport (= 2.3.14)
    activesupport (2.3.14)
    diff-lcs (1.1.3)
    kgio (2.7.2)
    mysql (2.8.1)
    pg (0.12.2)
    puma (0.8.0)
    rack (1.1.3)
    rails (2.3.14)
      actionmailer (= 2.3.14)
      actionpack (= 2.3.14)
      activerecord (= 2.3.14)
      activeresource (= 2.3.14)
      activesupport (= 2.3.14)
      rake (>= 0.8.3)
    raindrops (0.8.0)
    rake (0.9.2.2)
    rspec (2.1.0)
      rspec-core (~> 2.1.0)
      rspec-expectations (~> 2.1.0)
      rspec-mocks (~> 2.1.0)
    rspec-core (2.1.0)
    rspec-expectations (2.1.0)
      diff-lcs (~> 1.1.2)
    rspec-mocks (2.1.0)
    rspec-rails (2.1.0)
      rspec (~> 2.1.0)
    ruby-prof (0.10.8)
    simple_form (1.0.2)
    sqlite3 (1.3.5)
    unicorn (4.1.1)
      kgio (~> 2.4)
      rack
      raindrops (~> 0.6)

PLATFORMS
  ruby

DEPENDENCIES
  activerecord-jdbc-adapter
  jdbc-mysql
  jdbc-sqlite3
  jruby-openssl
  mysql
  pg
  puma
  rails (= 2.3.14)
  rspec-rails
  ruby-prof
  simple_form (= 1.0.2)
  sqlite3
  trinidad
  unicorn
